GEM
  remote: https://rubygems.org/
  specs:
    addressable (2.3.6)
    coderay (1.1.0)
    dotenv (1.0.2)
    growl (1.0.3)
    launchy (2.4.3)
      addressable (~> 2.3)
    method_source (0.8.2)
    mini_portile (0.6.2)
    nokogiri (1.6.6.2)
      mini_portile (~> 0.6.0)
    pry (0.10.1)
      coderay (~> 1.1.0)
      method_source (~> 0.8.1)
      slop (~> 3.4)
    retryable (2.0.1)
    slop (3.6.0)

PLATFORMS
  ruby

DEPENDENCIES
  dotenv
  growl
  launchy
  nokogiri
  pry
  retryable
